PATH
  remote: .
  specs:
    http_service (0.1)

GEM
  remote: http://rubygems.org/
  specs:
    curb (0.8.0)
    daemons (1.1.8)
    diff-lcs (1.1.3)
    em-zeromq (0.3.0)
      eventmachine (= 1.0.0.beta.4)
      ffi (>= 1.0.0)
      ffi-rzmq (= 0.9.3)
    eventmachine (1.0.0.beta.4)
    ffi (1.0.11)
    ffi-rzmq (0.9.3)
      ffi
    json (1.7.3)
    rack (1.4.1)
    rake (0.9.2.2)
    rspec (2.10.0)
      rspec-core (~> 2.10.0)
      rspec-expectations (~> 2.10.0)
      rspec-mocks (~> 2.10.0)
    rspec-core (2.10.1)
    rspec-expectations (2.10.0)
      diff-lcs (~> 1.1.3)
    rspec-mocks (2.10.1)
    thin (1.3.1)
      daemons (>= 1.0.9)
      eventmachine (>= 0.12.6)
      rack (>= 1.0.0)
    yajl-ruby (1.1.0)

PLATFORMS
  ruby

DEPENDENCIES
  curb
  daemons (>= 1.1.8)
  em-zeromq
  eventmachine (>= 1.0.0.beta.4)
  ffi
  ffi-rzmq
  http_service!
  json
  rack
  rake
  rspec
  thin
  yajl-ruby
